##TITLE= Parameter file, TopSpin 4.0.6
##JCAMPDX= 5.0
##DATATYPE= Parameter Values
##NPOINTS= 2	$$ modification sequence number
##ORIGIN= Bruker BioSpin GmbH
##OWNER= nmr
$$ 2024-08-30 11:13:38.815 +0200  nmr@CZC72773GJ
$$ C:/Data/Biffo/240830_Chewbacca_17O_LAMOX_base/1/acqu2
$$ process C:\Bruker\TopSpin4.0.6\prog\mod\dataserver.exe
##$ACQT0= 0
##$BF1= 500.16
##$FnILOOP= 0
##$FnMODE= 1
##$NUC1= <1H>
##$NusJSP= 0
##$NusT2= 1
##$NusTD= 0
##$O1= 2350.752
##$ProjAngle= 0
##$SFO1= 500.162350752
##$SW= 9.99675403892844
##$SW_h= 5000
##$TD= 15
##END=
